PATH
  remote: .
  specs:
    nanoc-mailchimp (0.0.1)
      MailchimpMarketing (>= 3.0.80, < 4.0)
      concurrent-ruby (>= 1.1.6, < 2.0)
      nanoc (~> 4.0)

GEM
  remote: https://rubygems.org/
  specs:
    MailchimpMarketing (3.0.80)
      excon (>= 0.76.0, < 1)
      json (~> 2.1, >= 2.1.0)
    addressable (2.8.7)
      public_suffix (>= 2.0.2, < 7.0)
    base64 (0.3.0)
    bigdecimal (3.2.2)
    coderay (1.1.3)
    concurrent-ruby (1.3.5)
    crack (1.0.0)
      bigdecimal
      rexml
    cri (2.15.12)
    date (3.4.1)
    ddmetrics (1.1.0)
    ddplugin (1.0.3)
    diff-lcs (1.6.2)
    erb (5.0.1)
    excon (0.112.0)
    hashdiff (1.2.0)
    immutable-ruby (0.2.0)
      concurrent-ruby (~> 1.1)
      sorted_set (~> 1.0)
    io-console (0.8.0)
    irb (1.15.2)
      pp (>= 0.6.0)
      rdoc (>= 4.0.0)
      reline (>= 0.4.2)
    json (2.12.2)
    json_schema (0.21.0)
    logger (1.7.0)
    memo_wise (1.13.0)
    method_source (1.1.0)
    minitest (5.25.5)
    nanoc (4.13.5)
      addressable (~> 2.5)
      nanoc-checking (~> 1.0, >= 1.0.2)
      nanoc-cli (= 4.13.5)
      nanoc-core (= 4.13.5)
      nanoc-deploying (~> 1.0)
      parallel (~> 1.12)
      tty-command (~> 0.8)
      tty-which (~> 0.4)
    nanoc-checking (1.0.6)
      nanoc-cli (~> 4.12, >= 4.12.5)
      nanoc-core (~> 4.12, >= 4.12.5)
    nanoc-cli (4.13.5)
      cri (~> 2.15)
      diff-lcs (~> 1.3)
      logger (~> 1.6)
      nanoc-core (= 4.13.5)
      pry
      zeitwerk (~> 2.1)
    nanoc-core (4.13.5)
      base64 (~> 0.2)
      concurrent-ruby (~> 1.1)
      ddmetrics (~> 1.0)
      ddplugin (~> 1.0)
      immutable-ruby (~> 0.1)
      json_schema (~> 0.19)
      memo_wise (~> 1.5)
      slow_enumerator_tools (~> 1.0)
      tty-platform (~> 0.2)
      zeitwerk (~> 2.1)
    nanoc-deploying (1.0.2)
      nanoc-checking (~> 1.0)
      nanoc-cli (~> 4.11, >= 4.11.15)
      nanoc-core (~> 4.11, >= 4.11.15)
    parallel (1.27.0)
    pastel (0.8.0)
      tty-color (~> 0.5)
    pp (0.6.2)
      prettyprint
    prettyprint (0.2.0)
    pry (0.15.2)
      coderay (~> 1.1)
      method_source (~> 1.0)
    psych (5.2.6)
      date
      stringio
    public_suffix (6.0.2)
    rake (13.3.0)
    rbtree (0.4.6)
    rdoc (6.14.1)
      erb
      psych (>= 4.0.0)
    reline (0.6.1)
      io-console (~> 0.5)
    rexml (3.4.1)
    set (1.1.2)
    slow_enumerator_tools (1.1.0)
    sorted_set (1.0.3)
      rbtree
      set (~> 1.0)
    stringio (3.1.7)
    tty-color (0.6.0)
    tty-command (0.10.1)
      pastel (~> 0.8)
    tty-platform (0.3.0)
    tty-which (0.5.0)
    vcr (5.1.0)
    webmock (3.25.1)
      addressable (>= 2.8.0)
      crack (>= 0.3.2)
      hashdiff (>= 0.4.0, < 2.0.0)
    zeitwerk (2.7.3)

PLATFORMS
  arm64-darwin-24
  ruby

DEPENDENCIES
  irb
  minitest (~> 5.14)
  nanoc-mailchimp!
  rake (~> 13.0)
  vcr (~> 5.1.0)
  webmock (~> 3.8)

BUNDLED WITH
   2.6.9
